PATH
  remote: .
  specs:
    shards-ui (0.1.0)
      autoprefixer-rails (>= 6.0.3)
      sass (>= 3.5.2)

GEM
  remote: https://rubygems.org/
  specs:
    autoprefixer-rails (8.4.1)
      execjs
    execjs (2.7.0)
    ffi (1.9.23)
    rake (10.5.0)
    rb-fsevent (0.10.3)
    rb-inotify (0.9.10)
      ffi (>= 0.5.0, < 2)
    sass (3.5.6)
      sass-listen (~> 4.0.0)
    sass-listen (4.0.0)
      rb-fsevent (~> 0.9, >= 0.9.4)
      rb-inotify (~> 0.9, >= 0.9.7)

PLATFORMS
  ruby

DEPENDENCIES
  bundler (~> 1.16)
  rake (~> 10.0)
  shards-ui!

BUNDLED WITH
   1.16.1
